GIT
  remote: git://github.com/realm/jazzy.git
  revision: 50586223e110bab9ee10f889ceebb0ea1b9e6bd3
  branch: swift-2.0
  specs:
    jazzy (0.2.2)
      cocoapods (~> 0.37)
      mustache (~> 0.99)
      open4
      redcarpet (~> 3.2)
      rouge (~> 1.5)
      sass (~> 3.4)
      sqlite3 (~> 1.3)

GIT
  remote: git://github.com/viteinfinite/slather.git
  revision: 61f00988e6ad65f817ba81b08533cf78615fff16
  branch: feature-profdata
  specs:
    slather (1.7.2)
      clamp (~> 0.6)
      nokogiri (~> 1.6.3)
      xcodeproj (~> 0.24.1)

GEM
  remote: https://rubygems.org/
  specs:
    activesupport (4.2.4)
      i18n (~> 0.7)
      json (~> 1.7, >= 1.7.7)
      minitest (~> 5.1)
      thread_safe (~> 0.3, >= 0.3.4)
      tzinfo (~> 1.1)
    claide (0.8.2)
    clamp (0.6.5)
    cocoapods (0.37.2)
      activesupport (>= 3.2.15)
      claide (~> 0.8.1)
      cocoapods-core (= 0.37.2)
      cocoapods-downloader (~> 0.9.0)
      cocoapods-plugins (~> 0.4.2)
      cocoapods-trunk (~> 0.6.1)
      cocoapods-try (~> 0.4.5)
      colored (~> 1.2)
      escape (~> 0.0.4)
      molinillo (~> 0.2.3)
      nap (~> 0.8)
      xcodeproj (~> 0.24.2)
    cocoapods-core (0.37.2)
      activesupport (>= 3.2.15)
      fuzzy_match (~> 2.0.4)
      nap (~> 0.8.0)
    cocoapods-downloader (0.9.1)
    cocoapods-plugins (0.4.2)
      nap
    cocoapods-trunk (0.6.1)
      nap (>= 0.8)
      netrc (= 0.7.8)
    cocoapods-try (0.4.5)
    colored (1.2)
    escape (0.0.4)
    fuzzy_match (2.0.4)
    i18n (0.7.0)
    json (1.8.3)
    mini_portile (0.6.2)
    minitest (5.8.0)
    molinillo (0.2.3)
    mustache (0.99.8)
    nap (0.8.0)
    netrc (0.7.8)
    nokogiri (1.6.6.2)
      mini_portile (~> 0.6.0)
    open4 (1.3.4)
    redcarpet (3.3.2)
    rouge (1.9.1)
    sass (3.4.17)
    sqlite3 (1.3.10)
    thread_safe (0.3.5)
    tzinfo (1.2.2)
      thread_safe (~> 0.1)
    xcodeproj (0.24.3)
      activesupport (>= 3)
      colored (~> 1.2)

PLATFORMS
  ruby

DEPENDENCIES
  jazzy!
  slather!

BUNDLED WITH
   1.10.6
